PATH
  remote: .
  specs:
    genron_sf (0.1.0)
      gepub (~> 1.0)
      nokogiri (~> 1.10)

GEM
  remote: https://rubygems.org/
  specs:
    diff-lcs (1.4.4)
    gepub (1.0.11)
      nokogiri (>= 1.8.2, < 1.11)
      rubyzip (> 1.1.1, < 2.3)
    mini_portile2 (2.4.0)
    nokogiri (1.10.10)
      mini_portile2 (~> 2.4.0)
    rake (12.3.3)
    rspec (3.9.0)
      rspec-core (~> 3.9.0)
      rspec-expectations (~> 3.9.0)
      rspec-mocks (~> 3.9.0)
    rspec-core (3.9.2)
      rspec-support (~> 3.9.3)
    rspec-expectations (3.9.2)
      diff-lcs (>= 1.2.0, < 2.0)
      rspec-support (~> 3.9.0)
    rspec-mocks (3.9.1)
      diff-lcs (>= 1.2.0, < 2.0)
      rspec-support (~> 3.9.0)
    rspec-support (3.9.3)
    rubyzip (2.2.0)

PLATFORMS
  ruby

DEPENDENCIES
  genron_sf!
  rake (~> 12.0)
  rspec (~> 3.0)

BUNDLED WITH
   2.1.4
